PATH
  remote: .
  specs:
    get_view_name (0.1.0)

GEM
  remote: https://rubygems.org/
  specs:
    rake (10.5.0)

PLATFORMS
  ruby

DEPENDENCIES
  bundler (~> 1.16)
  get_view_name!
  rake (~> 10.0)

BUNDLED WITH
   1.16.5
